GEM
  remote: https://rubygems.org/
  specs:
    chunky_png (1.2.8)
    compass (0.12.2)
      chunky_png (~> 1.2)
      fssm (>= 0.2.7)
      sass (~> 3.1)
    execjs (2.8.1)
    fssm (0.2.10)
    json (2.6.3)
    rake (12.3.3)
    sass (3.2.9)
    uglifier (2.7.2)
      execjs (>= 0.3.0)
      json (>= 1.8.0)

PLATFORMS
  ruby

DEPENDENCIES
  compass (~> 0.12)
  rake (~> 12.3)
  uglifier (~> 2.7)
